GEM
  remote: https://rubygems.org/
  specs:
    dbt (1.1.5)
    everyday-menu (1.3.4)
      rm-digest
    motion-kit (0.10.11)
      dbt (~> 1.1.5)
    rake (10.3.2)
    rm-digest (0.0.2)

PLATFORMS
  ruby

DEPENDENCIES
  everyday-menu (>= 1.3.4)
  motion-kit
  rake
