GEM
  remote: https://rubygems.org/
  specs:
    CFPropertyList (2.3.5)
    activesupport (4.2.8)
      i18n (~> 0.7)
      minitest (~> 5.1)
      thread_safe (~> 0.3, >= 0.3.4)
      tzinfo (~> 1.1)
    claide (1.0.2)
    cocoapods (1.2.1)
      activesupport (>= 4.0.2, < 5)
      claide (>= 1.0.1, < 2.0)
      cocoapods-core (= 1.2.1)
      cocoapods-deintegrate (>= 1.0.1, < 2.0)
      cocoapods-downloader (>= 1.1.3, < 2.0)
      cocoapods-plugins (>= 1.0.0, < 2.0)
      cocoapods-search (>= 1.0.0, < 2.0)
      cocoapods-stats (>= 1.0.0, < 2.0)
      cocoapods-trunk (>= 1.2.0, < 2.0)
      cocoapods-try (>= 1.1.0, < 2.0)
      colored2 (~> 3.1)
      escape (~> 0.0.4)
      fourflusher (~> 2.0.1)
      gh_inspector (~> 1.0)
      molinillo (~> 0.5.7)
      nap (~> 1.0)
      ruby-macho (~> 1.1)
      xcodeproj (>= 1.4.4, < 2.0)
    cocoapods-core (1.2.1)
      activesupport (>= 4.0.2, < 5)
      fuzzy_match (~> 2.0.4)
      nap (~> 1.0)
    cocoapods-deintegrate (1.0.1)
    cocoapods-downloader (1.1.3)
    cocoapods-plugins (1.0.0)
      nap
    cocoapods-search (1.0.0)
    cocoapods-stats (1.0.0)
    cocoapods-trunk (1.2.0)
      nap (>= 0.8, < 2.0)
      netrc (= 0.7.8)
    cocoapods-try (1.1.0)
    colored2 (3.1.2)
    escape (0.0.4)
    everyday-menu (1.4.3)
    fourflusher (2.0.1)
    fuzzy_match (2.0.4)
    gh_inspector (1.0.3)
    i18n (0.8.4)
    ib (1.0.1)
      thor (~> 0.19.1)
      tilt (~> 2.0.3)
      xcodeproj (~> 1.0)
    libxml-ruby (3.0.0)
    minitest (5.10.2)
    molinillo (0.5.7)
    motion-cocoapods (1.9.0)
      cocoapods (>= 1.0.0)
    motion-paddle (1.2.2)
      motion-cocoapods (~> 1.7, >= 1.7.1)
    nanaimo (0.2.3)
    nap (1.1.0)
    netrc (0.7.8)
    rake (12.0.0)
    ruby-macho (1.1.0)
    thor (0.19.4)
    thread_safe (0.3.6)
    tilt (2.0.7)
    tzinfo (1.2.3)
      thread_safe (~> 0.1)
    xcodeproj (1.5.0)
      CFPropertyList (~> 2.3.3)
      claide (>= 1.0.2, < 2.0)
      colored2 (~> 3.1)
      nanaimo (~> 0.2.3)

PLATFORMS
  ruby

DEPENDENCIES
  everyday-menu (~> 1.4, >= 1.4.2)
  ib (~> 1.0)
  libxml-ruby (~> 3.0)
  motion-cocoapods (~> 1.8)
  motion-paddle (~> 1.2, >= 1.2.2)
  rake

BUNDLED WITH
   1.15.1
