GEM
  remote: https://rubygems.org/
  specs:
    activesupport (3.2.19)
      i18n (~> 0.6, >= 0.6.4)
      multi_json (~> 1.0)
    colored (1.2)
    everyday-menu (1.3.5)
      rm-digest
    i18n (0.6.11)
    ib (0.4.7)
      thor (~> 0.15.4)
      tilt (~> 1.4.1)
      xcodeproj (~> 0.16.0)
    multi_json (1.10.1)
    rake (10.3.2)
    rm-digest (0.0.2)
    thor (0.15.4)
    tilt (1.4.1)
    xcodeproj (0.16.1)
      activesupport (~> 3.0)
      colored (~> 1.2)

PLATFORMS
  ruby

DEPENDENCIES
  everyday-menu (>= 1.3.5)
  ib
  rake
