GEM
  remote: https://rubygems.org/
  specs:
    activesupport (5.0.0.1)
      concurrent-ruby (~> 1.0, >= 1.0.2)
      i18n (~> 0.7)
      minitest (~> 5.1)
      tzinfo (~> 1.1)
    claide (1.0.0)
    cocoapods (1.0.1)
      activesupport (>= 4.0.2)
      claide (>= 1.0.0, < 2.0)
      cocoapods-core (= 1.0.1)
      cocoapods-deintegrate (>= 1.0.0, < 2.0)
      cocoapods-downloader (>= 1.0.0, < 2.0)
      cocoapods-plugins (>= 1.0.0, < 2.0)
      cocoapods-search (>= 1.0.0, < 2.0)
      cocoapods-stats (>= 1.0.0, < 2.0)
      cocoapods-trunk (>= 1.0.0, < 2.0)
      cocoapods-try (>= 1.0.0, < 2.0)
      colored (~> 1.2)
      escape (~> 0.0.4)
      fourflusher (~> 0.3.0)
      molinillo (~> 0.4.5)
      nap (~> 1.0)
      xcodeproj (>= 1.1.0, < 2.0)
    cocoapods-core (1.0.1)
      activesupport (>= 4.0.2)
      fuzzy_match (~> 2.0.4)
      nap (~> 1.0)
    cocoapods-deintegrate (1.0.0)
    cocoapods-downloader (1.1.0)
    cocoapods-plugins (1.0.0)
      nap
    cocoapods-search (1.0.0)
    cocoapods-stats (1.0.0)
    cocoapods-trunk (1.0.0)
      nap (>= 0.8, < 2.0)
      netrc (= 0.7.8)
    cocoapods-try (1.1.0)
    colored (1.2)
    concurrent-ruby (1.0.2)
    escape (0.0.4)
    everyday-menu (1.4.2)
    fourflusher (0.3.2)
    fuzzy_match (2.0.4)
    i18n (0.7.0)
    ib (1.0.1)
      thor (~> 0.19.1)
      tilt (~> 2.0.3)
      xcodeproj (~> 1.0)
    libxml-ruby (2.9.0)
    minitest (5.9.0)
    molinillo (0.4.5)
    motion-cocoapods (1.8.1)
      cocoapods (>= 1.0.0)
    motion-paddle (1.2.2)
      motion-cocoapods (~> 1.7, >= 1.7.1)
    nap (1.1.0)
    netrc (0.7.8)
    rake (11.2.2)
    thor (0.19.1)
    thread_safe (0.3.5)
    tilt (2.0.5)
    tzinfo (1.2.2)
      thread_safe (~> 0.1)
    xcodeproj (1.2.0)
      activesupport (>= 3)
      claide (>= 1.0.0, < 2.0)
      colored (~> 1.2)

PLATFORMS
  ruby

DEPENDENCIES
  everyday-menu (~> 1.4, >= 1.4.2)
  ib (~> 1.0)
  libxml-ruby (~> 2.9)
  motion-cocoapods (~> 1.8)
  motion-paddle (~> 1.2, >= 1.2.2)
  rake

BUNDLED WITH
   1.12.5
