GEM
  remote: https://rubygems.org/
  specs:
    everyday-menu (1.3.4)
      rm-digest
    rake (10.3.2)
    rm-digest (0.0.2)

PLATFORMS
  ruby

DEPENDENCIES
  everyday-menu (>= 1.3.4)
  rake
