GEM
  remote: https://rubygems.org/
  specs:
    bubble-wrap (1.7.0)
      bubble-wrap-http (= 1.7.0)
    bubble-wrap-http (1.7.0)
    everyday-menu (1.3.4)
      rm-digest
    motion-yaml (1.2)
    rake (10.3.2)
    rm-digest (0.0.2)

PLATFORMS
  ruby

DEPENDENCIES
  bubble-wrap
  bubble-wrap-http
  everyday-menu (>= 1.3.4)
  motion-yaml
  rake
