GEM
  remote: https://rubygems.org/
  specs:
    CFPropertyList (3.0.3)
    activesupport (4.2.11.3)
      i18n (~> 0.7)
      minitest (~> 5.1)
      thread_safe (~> 0.3, >= 0.3.4)
      tzinfo (~> 1.1)
    algoliasearch (1.27.5)
      httpclient (~> 2.8, >= 2.8.3)
      json (>= 1.5.1)
    atomos (0.1.3)
    claide (1.0.3)
    cocoapods (1.8.0)
      activesupport (>= 4.0.2, < 5)
      claide (>= 1.0.2, < 2.0)
      cocoapods-core (= 1.8.0)
      cocoapods-deintegrate (>= 1.0.3, < 2.0)
      cocoapods-downloader (>= 1.2.2, < 2.0)
      cocoapods-plugins (>= 1.0.0, < 2.0)
      cocoapods-search (>= 1.0.0, < 2.0)
      cocoapods-stats (>= 1.0.0, < 2.0)
      cocoapods-trunk (>= 1.4.0, < 2.0)
      cocoapods-try (>= 1.1.0, < 2.0)
      colored2 (~> 3.1)
      escape (~> 0.0.4)
      fourflusher (>= 2.3.0, < 3.0)
      gh_inspector (~> 1.0)
      molinillo (~> 0.6.6)
      nap (~> 1.0)
      ruby-macho (~> 1.4)
      xcodeproj (>= 1.11.1, < 2.0)
    cocoapods-core (1.8.0)
      activesupport (>= 4.0.2, < 6)
      algoliasearch (~> 1.0)
      concurrent-ruby (~> 1.0)
      fuzzy_match (~> 2.0.4)
      nap (~> 1.0)
    cocoapods-deintegrate (1.0.4)
    cocoapods-downloader (1.4.0)
    cocoapods-plugins (1.0.0)
      nap
    cocoapods-search (1.0.0)
    cocoapods-stats (1.1.0)
    cocoapods-trunk (1.5.0)
      nap (>= 0.8, < 2.0)
      netrc (~> 0.11)
    cocoapods-try (1.2.0)
    colored2 (3.1.2)
    concurrent-ruby (1.1.7)
    escape (0.0.4)
    everyday-menu (1.4.3)
    fourflusher (2.3.1)
    fuzzy_match (2.0.4)
    gh_inspector (1.1.3)
    httpclient (2.8.3)
    i18n (0.9.5)
      concurrent-ruby (~> 1.0)
    ib (1.0.1)
      thor (~> 0.19.1)
      tilt (~> 2.0.3)
      xcodeproj (~> 1.0)
    json (2.3.1)
    libxml-ruby (3.2.1)
    minitest (5.14.2)
    molinillo (0.6.6)
    motion-cocoapods (1.10.0)
      cocoapods (>= 1.6.0, <= 1.8.0)
    motion-paddle (1.2.2)
      motion-cocoapods (~> 1.7, >= 1.7.1)
    nanaimo (0.3.0)
    nap (1.1.0)
    netrc (0.11.0)
    rake (13.0.1)
    ruby-macho (1.4.0)
    thor (0.19.4)
    thread_safe (0.3.6)
    tilt (2.0.10)
    tzinfo (1.2.8)
      thread_safe (~> 0.1)
    xcodeproj (1.19.0)
      CFPropertyList (>= 2.3.3, < 4.0)
      atomos (~> 0.1.3)
      claide (>= 1.0.2, < 2.0)
      colored2 (~> 3.1)
      nanaimo (~> 0.3.0)

PLATFORMS
  ruby

DEPENDENCIES
  everyday-menu (~> 1.4, >= 1.4.2)
  ib (~> 1.0)
  libxml-ruby (~> 3.0)
  motion-cocoapods (~> 1.8)
  motion-paddle (~> 1.2, >= 1.2.2)
  rake

BUNDLED WITH
   2.1.4
