GEM
  remote: http://rubygems.org/
  specs:
    rake (12.3.1)

PLATFORMS
  ruby

DEPENDENCIES
  rake

BUNDLED WITH
   1.16.1
