GEM
  remote: http://rubygems.org/
  specs:
    rake (11.3.0)

PLATFORMS
  ruby

DEPENDENCIES
  rake

BUNDLED WITH
   1.13.2
