GEM
  remote: http://rubygems.org/
  specs:
    rake (13.0.0)

PLATFORMS
  ruby

DEPENDENCIES
  rake

BUNDLED WITH
   2.0.2
