GEM
  remote: http://rubygems.org/
  specs:
    rake (12.3.2)

PLATFORMS
  ruby

DEPENDENCIES
  rake

BUNDLED WITH
   2.0.1
