GEM
  remote: http://rubygems.org/
  specs:
    rake (12.0.0)

PLATFORMS
  ruby

DEPENDENCIES
  rake

BUNDLED WITH
   1.15.1
